PATH
  remote: .
  specs:
    asin (2.0.2)
      confiture (>= 0.1)
      crack (>= 0.3)
      hashie (>= 1.1)
      http (>= 3.0)
      snake_case_hash (>= 1.0.2)

GEM
  remote: http://rubygems.org/
  specs:
    addressable (2.5.2)
      public_suffix (>= 2.0.2, < 4.0)
    byebug (10.0.2)
    codeclimate-test-reporter (1.0.8)
      simplecov (<= 0.13)
    confiture (0.1.4)
    crack (0.4.3)
      safe_yaml (~> 1.0.0)
    diff-lcs (1.3)
    docile (1.1.5)
    domain_name (0.5.20180417)
      unf (>= 0.0.5, < 1.0.0)
    hashdiff (0.3.7)
    hashie (3.5.7)
    http (3.3.0)
      addressable (~> 2.3)
      http-cookie (~> 1.0)
      http-form_data (~> 2.0)
      http_parser.rb (~> 0.6.0)
    http-cookie (1.0.3)
      domain_name (~> 0.5)
    http-form_data (2.1.1)
    http_parser.rb (0.6.0)
    json (2.1.0)
    public_suffix (3.0.2)
    rake (0.9.6)
    rspec (2.99.0)
      rspec-core (~> 2.99.0)
      rspec-expectations (~> 2.99.0)
      rspec-mocks (~> 2.99.0)
    rspec-collection_matchers (1.1.3)
      rspec-expectations (>= 2.99.0.beta1)
    rspec-core (2.99.2)
    rspec-expectations (2.99.2)
      diff-lcs (>= 1.1.3, < 2.0)
    rspec-mocks (2.99.4)
    safe_yaml (1.0.4)
    simplecov (0.13.0)
      docile (~> 1.1.0)
      json (>= 1.8, < 3)
      simplecov-html (~> 0.10.0)
    simplecov-html (0.10.2)
    snake_case_hash (1.0.4)
      hashie (~> 3.0)
    unf (0.1.4)
      unf_ext
    unf_ext (0.0.7.5)
    vcr (4.0.0)
    webmock (3.4.2)
      addressable (>= 2.3.6)
      crack (>= 0.3.2)
      hashdiff

PLATFORMS
  java
  ruby

DEPENDENCIES
  asin!
  byebug
  codeclimate-test-reporter
  rake (~> 0.9)
  rspec (~> 2.11)
  rspec-collection_matchers (~> 1.1)
  vcr (~> 4.0)
  webmock (~> 3.4)

BUNDLED WITH
   1.16.1
